GIT
  remote: git://github.com/acesuares/ckeditor.git
  revision: ddb417d501e8244a9e97b21de188d2cadadd869f
  branch: master
  specs:
    ckeditor (3.6.2)
      mime-types (~> 1.16)
      orm_adapter (~> 0.0.5)

GIT
  remote: git://github.com/acesuares/will_paginate.git
  revision: 0574d2675155705c5daed741c6fa6475cf980445
  branch: rails3
  specs:
    will_paginate (3.0.pre3)

PATH
  remote: .
  specs:
    inline_forms (1.0.6)

GEM
  remote: http://rubygems.org/
  specs:
    mime-types (1.16)
    orm_adapter (0.0.5)

PLATFORMS
  ruby

DEPENDENCIES
  ckeditor!
  inline_forms!
  will_paginate!
